GIT
  remote: https://github.com/a0s/icmp4em.git
  revision: 40eef61da51fed895f5dba322cc0ad84205d75d6
  branch: sock_raw
  specs:
    icmp4em (0.0.3)
      eventmachine

GIT
  remote: https://github.com/a0s/ruby-app.git
  revision: 658a02ae5afa4fc209b84ed88313af6f9f5a09ff
  specs:
    ruby-app (0.1.12)
      activesupport
      bundler
      rake
      thor

GIT
  remote: https://github.com/a0s/sequel-rake.git
  revision: 89408fa00b980efc0adfc5872c6c521640ebb7ac
  specs:
    sequel-rake (0.1.0)
      thor (~> 0.19)

GEM
  remote: https://rubygems.org/
  specs:
    activesupport (5.2.0)
      concurrent-ruby (~> 1.0, >= 1.0.2)
      i18n (>= 0.7, < 2)
      minitest (~> 5.1)
      tzinfo (~> 1.1)
    concurrent-ruby (1.0.5)
    daemons (1.2.6)
    database_cleaner (1.7.0)
    diff-lcs (1.3)
    eventmachine (1.2.7)
    i18n (1.0.1)
      concurrent-ruby (~> 1.0)
    minitest (5.11.3)
    mustermann (1.0.2)
    pg (1.0.0)
    rack (2.0.5)
    rack-protection (2.0.3)
      rack
    rake (12.3.1)
    rspec (3.7.0)
      rspec-core (~> 3.7.0)
      rspec-expectations (~> 3.7.0)
      rspec-mocks (~> 3.7.0)
    rspec-core (3.7.1)
      rspec-support (~> 3.7.0)
    rspec-expectations (3.7.0)
      diff-lcs (>= 1.2.0, < 2.0)
      rspec-support (~> 3.7.0)
    rspec-mocks (3.7.0)
      diff-lcs (>= 1.2.0, < 2.0)
      rspec-support (~> 3.7.0)
    rspec-support (3.7.1)
    sequel (5.9.0)
    sinatra (2.0.3)
      mustermann (~> 1.0)
      rack (~> 2.0)
      rack-protection (= 2.0.3)
      tilt (~> 2.0)
    thin (1.7.2)
      daemons (~> 1.0, >= 1.0.9)
      eventmachine (~> 1.0, >= 1.0.4)
      rack (>= 1, < 3)
    thor (0.20.0)
    thread_safe (0.3.6)
    tilt (2.0.8)
    tzinfo (1.2.5)
      thread_safe (~> 0.1)

PLATFORMS
  ruby

DEPENDENCIES
  activesupport
  database_cleaner
  eventmachine
  icmp4em!
  pg
  rake
  rspec
  ruby-app!
  sequel
  sequel-rake!
  sinatra
  thin

BUNDLED WITH
   1.16.1
