GIT
  remote: https://github.com/a0s/icmp4em.git
  revision: 40eef61da51fed895f5dba322cc0ad84205d75d6
  branch: sock_raw
  specs:
    icmp4em (0.0.3)
      eventmachine

GIT
  remote: https://github.com/a0s/ruby-app.git
  revision: 658a02ae5afa4fc209b84ed88313af6f9f5a09ff
  specs:
    ruby-app (0.1.12)
      activesupport
      bundler
      rake
      thor

GIT
  remote: https://github.com/a0s/sequel-rake.git
  revision: bb28c8e2442015157f7cef07bccbcaa904cf1181
  specs:
    sequel-rake (0.1.0)
      thor (~> 0.19)

GEM
  remote: https://rubygems.org/
  specs:
    activesupport (5.0.2)
      concurrent-ruby (~> 1.0, >= 1.0.2)
      i18n (~> 0.7)
      minitest (~> 5.1)
      tzinfo (~> 1.1)
    concurrent-ruby (1.0.5)
    daemons (1.2.4)
    database_cleaner (1.5.3)
    diff-lcs (1.3)
    eventmachine (1.2.3)
    i18n (0.8.1)
    minitest (5.10.1)
    pg (0.19.0)
    rack (1.6.5)
    rack-protection (1.5.3)
      rack
    rake (12.0.0)
    rspec (3.5.0)
      rspec-core (~> 3.5.0)
      rspec-expectations (~> 3.5.0)
      rspec-mocks (~> 3.5.0)
    rspec-core (3.5.4)
      rspec-support (~> 3.5.0)
    rspec-expectations (3.5.0)
      diff-lcs (>= 1.2.0, < 2.0)
      rspec-support (~> 3.5.0)
    rspec-mocks (3.5.0)
      diff-lcs (>= 1.2.0, < 2.0)
      rspec-support (~> 3.5.0)
    rspec-support (3.5.0)
    sequel (4.44.0)
    sinatra (1.4.8)
      rack (~> 1.5)
      rack-protection (~> 1.4)
      tilt (>= 1.3, < 3)
    thin (1.7.0)
      daemons (~> 1.0, >= 1.0.9)
      eventmachine (~> 1.0, >= 1.0.4)
      rack (>= 1, < 3)
    thor (0.19.4)
    thread_safe (0.3.6)
    tilt (2.0.6)
    tzinfo (1.2.2)
      thread_safe (~> 0.1)

PLATFORMS
  ruby

DEPENDENCIES
  activesupport
  database_cleaner
  eventmachine
  icmp4em!
  pg
  rake
  rspec
  ruby-app!
  sequel
  sequel-rake!
  sinatra
  thin

BUNDLED WITH
   1.13.6
